GEM
  remote: https://rubygems.org/
  specs:
    asciidoctor (1.5.1)
    oreilly-snippets (0.0.5)
    rack (1.5.2)

PLATFORMS
  ruby

DEPENDENCIES
  asciidoctor
  oreilly-snippets
  rack
